GIT
  remote: https://github.com/jedi4ever/veewee.git
  revision: 0173803b6d9c22ca675247ae8fa853f5352e125b
  specs:
    veewee (0.5.0.alpha4)
      ansi (~> 1.3.0)
      childprocess
      fission (= 0.5.0)
      fog (~> 1.8)
      gem-content (~> 1.0)
      grit
      highline
      i18n
      json
      mime-types (~> 1.16)
      net-scp (~> 1.2)
      net-ssh (>= 2.2.0)
      os (~> 0.9.6)
      popen4 (~> 0.1.2)
      progressbar (= 0.21.0)
      ruby-vnc (~> 1.0.0)
      thor (~> 0.15)
      to_slug

GEM
  remote: https://rubygems.org/
  specs:
    CFPropertyList (2.3.6)
    Platform (0.4.2)
    activesupport (7.0.4)
      concurrent-ruby (~> 1.0, >= 1.0.2)
      i18n (>= 1.6, < 2)
      minitest (>= 5.1)
      tzinfo (~> 2.0)
    addressable (2.8.1)
      public_suffix (>= 2.0.2, < 6.0)
    aliyun-sdk (0.8.0)
      nokogiri (~> 1.6)
      rest-client (~> 2.0)
    ansi (1.3.0)
    builder (3.2.4)
    childprocess (4.1.0)
    concurrent-ruby (1.1.10)
    diff-lcs (1.5.0)
    domain_name (0.5.20190701)
      unf (>= 0.0.5, < 1.0.0)
    dry-inflector (0.3.0)
    excon (0.93.0)
    fission (0.5.0)
      CFPropertyList (~> 2.2)
    fog (1.42.1)
      fog-aliyun (>= 0.1.0)
      fog-atmos
      fog-aws (>= 0.6.0)
      fog-brightbox (~> 0.4)
      fog-cloudatcost (~> 0.1.0)
      fog-core (~> 1.45)
      fog-digitalocean (>= 0.3.0)
      fog-dnsimple (~> 1.0)
      fog-dynect (~> 0.0.2)
      fog-ecloud (~> 0.1)
      fog-google (<= 0.1.0)
      fog-internet-archive
      fog-joyent
      fog-json
      fog-local
      fog-openstack
      fog-ovirt
      fog-powerdns (>= 0.1.1)
      fog-profitbricks
      fog-rackspace
      fog-radosgw (>= 0.0.2)
      fog-riakcs
      fog-sakuracloud (>= 0.0.4)
      fog-serverlove
      fog-softlayer
      fog-storm_on_demand
      fog-terremark
      fog-vmfusion
      fog-voxel
      fog-vsphere (>= 0.4.0)
      fog-xenserver
      fog-xml (~> 0.1.1)
      ipaddress (~> 0.5)
      json (~> 2.0)
    fog-aliyun (0.4.0)
      addressable (~> 2.8.0)
      aliyun-sdk (~> 0.8.0)
      fog-core
      fog-json
      ipaddress (~> 0.8)
      xml-simple (~> 1.1)
    fog-atmos (0.1.0)
      fog-core
      fog-xml
    fog-aws (2.0.1)
      fog-core (~> 1.38)
      fog-json (~> 1.0)
      fog-xml (~> 0.1)
      ipaddress (~> 0.8)
    fog-brightbox (0.16.1)
      dry-inflector
      fog-core
      fog-json
      mime-types
    fog-cloudatcost (0.1.2)
      fog-core (~> 1.36)
      fog-json (~> 1.0)
      fog-xml (~> 0.1)
      ipaddress (~> 0.8)
    fog-core (1.45.0)
      builder
      excon (~> 0.58)
      formatador (~> 0.2)
    fog-digitalocean (0.4.0)
      fog-core
      fog-json
      fog-xml
      ipaddress (>= 0.5)
    fog-dnsimple (1.0.0)
      fog-core (~> 1.38)
      fog-json (~> 1.0)
    fog-dynect (0.0.3)
      fog-core
      fog-json
      fog-xml
    fog-ecloud (0.3.0)
      fog-core
      fog-xml
    fog-google (0.1.0)
      fog-core
      fog-json
      fog-xml
    fog-internet-archive (0.0.2)
      fog-core
      fog-json
      fog-xml
    fog-joyent (0.0.1)
      fog-core (~> 1.42)
      fog-json (>= 1.0)
    fog-json (1.2.0)
      fog-core
      multi_json (~> 1.10)
    fog-local (0.8.0)
      fog-core (>= 1.27, < 3.0)
    fog-openstack (0.3.10)
      fog-core (>= 1.45, <= 2.1.0)
      fog-json (>= 1.0)
      ipaddress (>= 0.8)
    fog-ovirt (2.0.2)
      activesupport
      fog-core
      fog-json
      fog-xml
      ovirt-engine-sdk (>= 4.3.1)
    fog-powerdns (0.2.0)
      fog-core
      fog-json
      fog-xml
    fog-profitbricks (4.1.1)
      fog-core (~> 1.42)
      fog-json (~> 1.0)
    fog-rackspace (0.1.6)
      fog-core (>= 1.35)
      fog-json (>= 1.0)
      fog-xml (>= 0.1)
      ipaddress (>= 0.8)
    fog-radosgw (0.0.5)
      fog-core (>= 1.21.0)
      fog-json
      fog-xml (>= 0.0.1)
    fog-riakcs (0.1.0)
      fog-core
      fog-json
      fog-xml
    fog-sakuracloud (1.7.5)
      fog-core
      fog-json
    fog-serverlove (0.1.2)
      fog-core
      fog-json
    fog-softlayer (1.1.4)
      fog-core
      fog-json
    fog-storm_on_demand (0.1.1)
      fog-core
      fog-json
    fog-terremark (0.1.0)
      fog-core
      fog-xml
    fog-vmfusion (0.1.0)
      fission
      fog-core
    fog-voxel (0.1.0)
      fog-core
      fog-xml
    fog-vsphere (3.5.2)
      fog-core
      rbvmomi (>= 1.9, < 3)
    fog-xenserver (1.0.0)
      fog-core
      fog-xml
      xmlrpc
    fog-xml (0.1.4)
      fog-core
      nokogiri (>= 1.5.11, < 2.0.0)
    formatador (0.3.0)
    gem-content (1.0.0)
    grit (2.5.0)
      diff-lcs (~> 1.1)
      mime-types (~> 1.15)
      posix-spawn (~> 0.3.6)
    highline (2.0.3)
    http-accept (1.7.0)
    http-cookie (1.0.5)
      domain_name (~> 0.5)
    i18n (1.12.0)
      concurrent-ruby (~> 1.0)
    ipaddress (0.8.3)
    json (2.6.2)
    mime-types (1.25.1)
    mini_portile2 (2.8.0)
    minitest (5.16.3)
    multi_json (1.15.0)
    net-scp (1.2.1)
      net-ssh (>= 2.6.5)
    net-ssh (7.0.1)
    netrc (0.11.0)
    nokogiri (1.13.9)
      mini_portile2 (~> 2.8.0)
      racc (~> 1.4)
    open4 (1.3.4)
    optimist (3.0.1)
    os (0.9.6)
    ovirt-engine-sdk (4.4.1)
      json (>= 1, < 3)
    popen4 (0.1.2)
      Platform (>= 0.4.0)
      open4 (>= 0.4.0)
    posix-spawn (0.3.15)
    progressbar (0.21.0)
    public_suffix (5.0.0)
    racc (1.6.0)
    rbvmomi (2.4.1)
      builder (~> 3.0)
      json (>= 1.8)
      nokogiri (~> 1.5)
      optimist (~> 3.0)
    rest-client (2.1.0)
      http-accept (>= 1.7.0, < 2.0)
      http-cookie (>= 1.0.2, < 2.0)
      mime-types (>= 1.16, < 4.0)
      netrc (~> 0.8)
    rexml (3.2.5)
    ruby-vnc (1.0.1)
    thor (0.20.3)
    to_slug (1.0.8)
    tzinfo (2.0.5)
      concurrent-ruby (~> 1.0)
    unf (0.1.4)
      unf_ext
    unf_ext (0.0.8.2)
    webrick (1.7.0)
    xml-simple (1.1.9)
      rexml
    xmlrpc (0.3.2)
      webrick

PLATFORMS
  ruby

DEPENDENCIES
  veewee!

BUNDLED WITH
   1.16.6
